GIT
  remote: https://github.com/cloudfoundry/common.git
  revision: 72575ef1e830e6a7376f3f532b5190d04eb67210
  specs:
    vcap_logging (1.0.2)
      rake

GIT
  remote: https://github.com/cloudfoundry/eventmachine.git
  revision: 2806c630d8631d5dcf9fb2555f665b829052aabe
  branch: release-0.12.11-cf
  specs:
    eventmachine (0.12.11.cloudfoundry.3)

GIT
  remote: https://github.com/cloudfoundry/vcap-common.git
  revision: c91898e1d74f23446d1d7fe2382df6ace071c0ad
  ref: c91898e1
  specs:
    vcap_common (1.0.10)
      eventmachine (~> 0.12.11.cloudfoundry.3)
      nats (~> 0.4.22.beta.8)
      posix-spawn (~> 0.3.6)
      thin (~> 1.3.1)
      yajl-ruby (~> 0.8.3)

GEM
  remote: http://rubygems.org/
  specs:
    daemons (1.1.9)
    json_pure (1.7.7)
    nats (0.4.24)
      daemons (>= 1.1.5)
      eventmachine (>= 0.12.10)
      json_pure (>= 1.7.3)
      thin (>= 1.3.1)
    posix-spawn (0.3.6)
    rack (1.5.2)
    rake (10.0.4)
    thin (1.3.1)
      daemons (>= 1.0.9)
      eventmachine (>= 0.12.6)
      rack (>= 1.0.0)
    yajl-ruby (0.8.3)

PLATFORMS
  ruby

DEPENDENCIES
  eventmachine!
  nats
  vcap_common (~> 1.0.9)!
  vcap_logging!
  yajl-ruby
